GIT
  remote: https://github.com/openaustralia/csv_to_popolo
  revision: 106f70d395ced35cdd9c4b0d726e76f5559d1dcd
  branch: australian_local_councillors
  specs:
    csv_to_popolo (0.18.1)
      json
      twitter_username_extractor

GEM
  remote: https://rubygems.org/
  specs:
    diff-lcs (1.3)
    json (1.8.3)
    rake (11.1.2)
    rspec (3.6.0)
      rspec-core (~> 3.6.0)
      rspec-expectations (~> 3.6.0)
      rspec-mocks (~> 3.6.0)
    rspec-core (3.6.0)
      rspec-support (~> 3.6.0)
    rspec-expectations (3.6.0)
      diff-lcs (>= 1.2.0, < 2.0)
      rspec-support (~> 3.6.0)
    rspec-mocks (3.6.0)
      diff-lcs (>= 1.2.0, < 2.0)
      rspec-support (~> 3.6.0)
    rspec-support (3.6.0)
    twitter_username_extractor (0.1.0)

PLATFORMS
  ruby

DEPENDENCIES
  csv_to_popolo!
  rake
  rspec

BUNDLED WITH
   1.11.2
